GIT
  remote: https://github.com/voxpupuli/modulesync
  revision: 0a8a40323f778f45eddb10e28c29479666337ef0
  specs:
    modulesync (2.1.1)
      git (~> 1.7)
      gitlab (~> 4.0)
      octokit (~> 4.0)
      puppet-blacksmith (>= 3.0, < 7)
      thor

GEM
  specs:
    addressable (2.7.0)
      public_suffix (>= 2.0.2, < 5.0)
    domain_name (0.5.20190701)
      unf (>= 0.0.5, < 1.0.0)
    faraday (1.4.3)
      faraday-em_http (~> 1.0)
      faraday-em_synchrony (~> 1.0)
      faraday-excon (~> 1.1)
      faraday-net_http (~> 1.0)
      faraday-net_http_persistent (~> 1.1)
      multipart-post (>= 1.2, < 3)
      ruby2_keywords (>= 0.0.4)
    faraday-em_http (1.0.0)
    faraday-em_synchrony (1.0.0)
    faraday-excon (1.1.0)
    faraday-net_http (1.0.1)
    faraday-net_http_persistent (1.1.0)
    ffi (1.15.3-x64-mingw32)
    git (1.8.1)
      rchardet (~> 1.8)
    gitlab (4.17.0)
      httparty (~> 0.18)
      terminal-table (~> 1.5, >= 1.5.1)
    http-accept (1.7.0)
    http-cookie (1.0.4)
      domain_name (~> 0.5)
    httparty (0.18.1)
      mime-types (~> 3.0)
      multi_xml (>= 0.5.2)
    mime-types (3.3.1)
      mime-types-data (~> 3.2015)
    mime-types-data (3.2021.0225)
    minitar (0.9)
    multi_xml (0.6.0)
    multipart-post (2.1.1)
    netrc (0.11.0)
    octokit (4.21.0)
      faraday (>= 0.9)
      sawyer (~> 0.8.0, >= 0.5.3)
    pathspec (1.0.0)
    public_suffix (4.0.6)
    puppet-blacksmith (6.1.0)
      puppet-modulebuilder (~> 0.2)
      rest-client (~> 2.0)
    puppet-modulebuilder (0.3.0)
      minitar (~> 0.9)
      pathspec (>= 0.2.1, < 2.0.0)
    rchardet (1.8.0)
    rest-client (2.1.0-x64-mingw32)
      ffi (~> 1.9)
      http-accept (>= 1.7.0, < 2.0)
      http-cookie (>= 1.0.2, < 2.0)
      mime-types (>= 1.16, < 4.0)
      netrc (~> 0.8)
    ruby2_keywords (0.0.4)
    sawyer (0.8.2)
      addressable (>= 2.3.5)
      faraday (> 0.8, < 2.0)
    terminal-table (1.8.0)
      unicode-display_width (~> 1.1, >= 1.1.1)
    thor (1.1.0)
    unf (0.1.4)
      unf_ext
    unf_ext (0.0.7.7)
    unicode-display_width (1.7.0)

PLATFORMS
  x64-mingw32

DEPENDENCIES
  modulesync!

BUNDLED WITH
   2.2.15
